GEM
  remote: https://rubygems.org/
  specs:
    Chizuru (0.0.4)
      oauth
      yajl-ruby
    oauth (0.4.7)
    yajl-ruby (1.1.0)

PLATFORMS
  ruby

DEPENDENCIES
  Chizuru
